GEM
  remote: https://rubygems.org/
  specs:
    bson (1.10.2)
    bson_ext (1.10.2)
      bson (~> 1.10.2)
    mini_portile (0.6.0)
    mongo (1.10.2)
      bson (= 1.10.2)
    newrelic_rpm (3.9.0.229)
    nokogiri (1.6.3.1)
      mini_portile (= 0.6.0)
    rack (1.5.2)
    rack-protection (1.5.3)
      rack
    sinatra (1.4.5)
      rack (~> 1.4)
      rack-protection (~> 1.4)
      tilt (~> 1.3, >= 1.3.4)
    sinatra-cross_origin (0.3.2)
    tilt (1.4.1)

PLATFORMS
  ruby

DEPENDENCIES
  bson_ext
  mongo
  newrelic_rpm
  nokogiri
  sinatra
  sinatra-cross_origin
