GEM
  specs:
    bson (1.10.2)
    bson_ext (1.10.2)
      bson (~> 1.10.2)
    mini_portile (0.6.0)
    mongo (1.10.2)
      bson (= 1.10.2)
    nokogiri (1.6.3.1)
      mini_portile (= 0.6.0)

PLATFORMS
  ruby

DEPENDENCIES
  bson_ext (~> 1.10.2)
  mongo (~> 1.10.2)
  nokogiri (~> 1.6.3)
